{
	"Modality": "MR",
	"MagneticFieldStrength": 3,
	"Manufacturer": "Siemens",
	"ManufacturersModelName": "Prisma",
	"InstitutionName": "University_of_Toronto",
	"InstitutionalDepartmentName": "Department",
	"InstitutionAddress": "Huron_325_TORONTO_ONTARIO_CA_M5S_3G3",
	"DeviceSerialNumber": "66108",
	"StationName": "AWP66108",
	"BodyPartExamined": "BRAIN",
	"PatientPosition": "HFS",
	"ProcedureStepDescription": "Mack_Michael",
	"SoftwareVersions": "syngo_MR_E11",
	"MRAcquisitionType": "2D",
	"SeriesDescription": "ep2d_bold_p1s4_Res_run1",
	"ProtocolName": "ep2d_bold_p1s4_Res_run1",
	"ScanningSequence": "EP",
	"SequenceVariant": "SK",
	"ScanOptions": "PFP_FS",
	"SequenceName": "_epfid2d1_130",
	"ImageType": ["ORIGINAL", "PRIMARY", "M", "ND", "NORM", "MOSAIC"],
	"SeriesNumber": 10,
	"AcquisitionTime": "09:56:12.995000",
	"AcquisitionNumber": 1,
	"SliceThickness": 1.7,
	"SpacingBetweenSlices": 1.7,
	"SAR": 0.075954,
	"EchoTime": 0.03,
	"RepetitionTime": 2,
	"FlipAngle": 90,
	"PartialFourier": 0.875,
	"BaseResolution": 130,
	"ShimSetting": [
		-1030,
		-6912,
		-6469,
		685,
		28,
		-80,
		-98,
		-53	],
	"TxRefAmp": 232.698,
	"PhaseResolution": 1,
	"ReceiveCoilName": "Head_32",
	"ReceiveCoilActiveElements": "HEA;HEP",
	"PulseSequenceDetails": "%SiemensSeq%_ep2d_bold",
	"ConsistencyInfo": "N4_VE11C_LATEST_20160120",
	"MultibandAccelerationFactor": 4,
	"PercentPhaseFOV": 100,
	"EchoTrainLength": 57,
	"PhaseEncodingSteps": 114,
	"AcquisitionMatrixPE": 130,
	"ReconMatrixPE": 130,
	"BandwidthPerPixelPhaseEncode": 24.42,
	"ParallelReductionFactorInPlane": 2,
	"EffectiveEchoSpacing": 0.000315,
	"DerivedVendorReportedEchoSpacing": 0.000630001,
	"TotalReadoutTime": 0.040635,
	"PixelBandwidth": 2260,
	"DwellTime": 1.7e-06,
	"PhaseEncodingDirection": "j-",
	"SliceTiming": [
		0.9425,
		0,
		1.0375,
		0.095,
		1.13,
		0.1875,
		1.225,
		0.2825,
		1.32,
		0.3775,
		1.415,
		0.47,
		1.5075,
		0.565,
		1.6025,
		0.66,
		1.6975,
		0.755,
		1.79,
		0.8475,
		1.885,
		0.9425,
		0,
		1.0375,
		0.095,
		1.13,
		0.1875,
		1.225,
		0.2825,
		1.32,
		0.3775,
		1.415,
		0.47,
		1.5075,
		0.565,
		1.6025,
		0.66,
		1.6975,
		0.755,
		1.79,
		0.8475,
		1.885,
		0.9425,
		0,
		1.0375,
		0.095,
		1.13,
		0.1875,
		1.225,
		0.2825,
		1.32,
		0.3775,
		1.415,
		0.47,
		1.5075,
		0.565,
		1.6025,
		0.66,
		1.6975,
		0.755,
		1.79,
		0.8475,
		1.885,
		0.9425,
		0,
		1.0375,
		0.095,
		1.13,
		0.1875,
		1.225,
		0.2825,
		1.32,
		0.3775,
		1.415,
		0.47,
		1.5075,
		0.565,
		1.6025,
		0.66,
		1.6975,
		0.755,
		1.79,
		0.8475,
		1.885	],
	"ImageOrientationPatientDICOM": [
		0.999921,
		-0.01256,
		-0.000485258,
		0.012566,
		0.998024,
		0.0615676	],
	"InPlanePhaseEncodingDirectionDICOM": "COL",
	"ConversionSoftware": "dcm2niix",
	"ConversionSoftwareVersion": "v1.0.20171215 GCC5.4.0"
}
