{
	"Modality": "MR",
	"MagneticFieldStrength": 3,
	"Manufacturer": "Siemens",
	"ManufacturersModelName": "Prisma",
	"InstitutionName": "University_of_Toronto",
	"InstitutionalDepartmentName": "Department",
	"InstitutionAddress": "Huron_325_TORONTO_ONTARIO_CA_M5S_3G3",
	"DeviceSerialNumber": "66108",
	"StationName": "AWP66108",
	"BodyPartExamined": "BRAIN",
	"PatientPosition": "HFS",
	"ProcedureStepDescription": "Mack_Michael",
	"SoftwareVersions": "syngo_MR_E11",
	"MRAcquisitionType": "2D",
	"SeriesDescription": "ep2d_diff_4scan_trace_p2_s2_sfs1",
	"ProtocolName": "ep2d_diff_4scan_trace_p2_s2_sfs1",
	"ScanningSequence": "EP",
	"SequenceVariant": "SK_SP",
	"ScanOptions": "PFP_FS",
	"SequenceName": "_ep_b0",
	"ImageType": ["ORIGINAL", "PRIMARY", "DIFFUSION", "NONE", "ND", "NORM"],
	"SeriesNumber": 13,
	"AcquisitionTime": "10:18:39.005000",
	"AcquisitionNumber": 1,
	"SliceThickness": 2,
	"SpacingBetweenSlices": 2,
	"SAR": 0.213661,
	"EchoTime": 0.07,
	"RepetitionTime": 4,
	"FlipAngle": 90,
	"PartialFourier": 0.75,
	"BaseResolution": 110,
	"ShimSetting": [
		-1028,
		-6920,
		-6485,
		614,
		18,
		-169,
		-99,
		-51	],
	"TxRefAmp": 232.698,
	"PhaseResolution": 1,
	"ReceiveCoilName": "Head_32",
	"ReceiveCoilActiveElements": "HEA;HEP",
	"PulseSequenceDetails": "%SiemensSeq%_ep2d_diff",
	"ConsistencyInfo": "N4_VE11C_LATEST_20160120",
	"MultibandAccelerationFactor": 2,
	"PercentPhaseFOV": 100,
	"EchoTrainLength": 83,
	"PhaseEncodingSteps": 83,
	"AcquisitionMatrixPE": 110,
	"ReconMatrixPE": 110,
	"BandwidthPerPixelPhaseEncode": 15.949,
	"EffectiveEchoSpacing": 0.000569999,
	"DerivedVendorReportedEchoSpacing": 0.000569999,
	"TotalReadoutTime": 0.0621299,
	"PixelBandwidth": 2065,
	"DwellTime": 2.2e-06,
	"PhaseEncodingDirection": "j-",
	"ImageOrientationPatientDICOM": [
		0.999843,
		-0.0133108,
		0.0116844,
		0.0125651,
		0.998014,
		0.0617253	],
	"InPlanePhaseEncodingDirectionDICOM": "COL",
	"ConversionSoftware": "dcm2niix",
	"ConversionSoftwareVersion": "v1.0.20171215 GCC5.4.0"
}
