{
	"Modality": "MR",
	"MagneticFieldStrength": 3,
	"Manufacturer": "Siemens",
	"ManufacturersModelName": "Prisma",
	"InstitutionName": "University_of_Toronto",
	"InstitutionalDepartmentName": "Department",
	"InstitutionAddress": "Huron_325_TORONTO_ONTARIO_CA_M5S_3G3",
	"DeviceSerialNumber": "66108",
	"StationName": "AWP66108",
	"BodyPartExamined": "BRAIN",
	"PatientPosition": "HFS",
	"ProcedureStepDescription": "Mack_Michael",
	"SoftwareVersions": "syngo_MR_E11",
	"MRAcquisitionType": "2D",
	"SeriesDescription": "gre_field_mapping_1",
	"ProtocolName": "gre_field_mapping_1",
	"ScanningSequence": "GR",
	"SequenceVariant": "SP",
	"SequenceName": "_fm2d2r",
	"ImageType": ["ORIGINAL", "PRIMARY", "P", "ND"],
	"SeriesNumber": 9,
	"AcquisitionTime": "09:51:0.682500",
	"AcquisitionNumber": 1,
	"SliceThickness": 3,
	"SpacingBetweenSlices": 3,
	"SAR": 0.0613044,
	"EchoNumber": 2,
	"EchoTime": 0.00738,
	"RepetitionTime": 0.888,
	"FlipAngle": 60,
	"PartialFourier": 1,
	"BaseResolution": 74,
	"ShimSetting": [
		-1028,
		-6921,
		-6485,
		622,
		15,
		-167,
		-96,
		-51	],
	"TxRefAmp": 232.698,
	"PhaseResolution": 1,
	"ReceiveCoilName": "Head_32",
	"ReceiveCoilActiveElements": "HEA;HEP",
	"PulseSequenceDetails": "%SiemensSeq%_gre_field_mapping",
	"ConsistencyInfo": "N4_VE11C_LATEST_20160120",
	"PercentPhaseFOV": 100,
	"PhaseEncodingSteps": 74,
	"AcquisitionMatrixPE": 74,
	"ReconMatrixPE": 74,
	"PixelBandwidth": 290,
	"DwellTime": 2.33e-05,
	"PhaseEncodingDirection": "j-",
	"ImageOrientationPatientDICOM": [
		0.999921,
		-0.01256,
		-0.000485258,
		0.012566,
		0.998024,
		0.0615676	],
	"InPlanePhaseEncodingDirectionDICOM": "COL",
	"ConversionSoftware": "dcm2niix",
	"ConversionSoftwareVersion": "v1.0.20171215 GCC5.4.0"
}
